{
	"TaskName": "imagery",
	"Manufacturer": "Compumedics Neuroscan",
	"PowerLineFrequency": 50.0,
	"SamplingFrequency": 1000.0,
	"SoftwareFilters": "n/a",
	"RecordingDuration": 339.159,
	"RecordingType": "continuous",
	"EEGReference": "n/a",
	"EEGGround": "AFz",
	"EEGPlacementScheme": "10-05 system",
	"EEGChannelCount": 64,
	"EOGChannelCount": 0,
	"ECGChannelCount": 0,
	"EMGChannelCount": 0,
	"TriggerChannelCount": 0,
	"ManufacturersModelName": "Neuroscan SynAmps2",
	"HardwareFilters": "n/a",
	"Instructions": "Subjects were asked to concentrate on performing the indicated motor imagery task (right hand or right elbow) using kinesthetic, not visual, motor imagery while avoiding any motion during imagination.",
	"CogAtlasID": "https://www.cognitiveatlas.org/task/id/trm_4c8a834779883/",
	"InstitutionName": "Chinese Academy of Sciences",
	"InstitutionAddress": "CN",
	"InstitutionalDepartmentName": "Institute of Automation",
	"CapManufacturer": "n/a",
	"CapManufacturersModelName": "n/a",
	"SubjectArtefactDescription": "Impedance kept below 5 kOhm",
	"DeviceSerialNumber": "n/a",
	"Description": "EEG recording.",
	"MISCChannelCount": 0
}